GEM
  remote: http://rubygems.org/
  specs:
    aruba (0.3.2)
      childprocess (~> 0.1.6)
      cucumber (~> 0.10.0)
      rspec (~> 2.3.0)
    builder (3.0.0)
    childprocess (0.1.8)
      ffi (~> 1.0.6)
    cucumber (0.10.2)
      builder (>= 2.1.2)
      diff-lcs (>= 1.1.2)
      gherkin (>= 2.3.5)
      json (>= 1.4.6)
      term-ansicolor (>= 1.0.5)
    diff-lcs (1.1.2)
    ffi (1.0.7)
      rake (>= 0.8.7)
    gherkin (2.3.5)
      json (>= 1.4.6)
    git (1.2.5)
    jeweler (1.5.2)
      bundler (~> 1.0.0)
      git (>= 1.2.5)
      rake
    json (1.5.1)
    rainbow (1.1.1)
    rake (0.8.7)
    rcov (0.9.9)
    rspec (2.3.0)
      rspec-core (~> 2.3.0)
      rspec-expectations (~> 2.3.0)
      rspec-mocks (~> 2.3.0)
    rspec-core (2.3.1)
    rspec-expectations (2.3.0)
      diff-lcs (~> 1.1.2)
    rspec-mocks (2.3.0)
    term-ansicolor (1.0.5)
    yard (0.6.4)

PLATFORMS
  ruby

DEPENDENCIES
  aruba
  bundler (~> 1.0.0)
  cucumber
  git
  jeweler (~> 1.5.2)
  rainbow
  rcov
  rspec (~> 2.3.0)
  yard (~> 0.6.0)
